GEM
  remote: https://rubygems.org/
  specs:
    fiddler-rb (0.1.2)
    json (1.8.1)
    leveldb (0.1.9)
      fiddler-rb (~> 0.1.1)
    puma (2.10.2)
      rack (>= 1.1, < 2.0)
    rack (1.6.0)
    rack-protection (1.5.3)
      rack
    sinatra (1.4.5)
      rack (~> 1.4)
      rack-protection (~> 1.4)
      tilt (~> 1.3, >= 1.3.4)
    tilt (1.4.1)

PLATFORMS
  ruby

DEPENDENCIES
  json (~> 1.8.1)
  leveldb (~> 0.1.9)
  puma (~> 2.10.2)
  sinatra (~> 1.4.5)
